GEM
  remote: https://rubygems.org/
  specs:
    minitest (5.2.3)
    rake (10.1.1)

PLATFORMS
  ruby

DEPENDENCIES
  minitest (~> 5.2.3)
  rake (~> 10.1.1)
